GEM
  remote: https://rubygems.org/
  specs:
    schlib (0.1.1)

PLATFORMS
  ruby

DEPENDENCIES
  schlib

RUBY VERSION
   ruby 2.4.0p0

BUNDLED WITH
   1.14.6
